GEM
  remote: https://rubygems.org/
  specs:
    albacore (2.8.0)
      map (~> 6.5)
      nokogiri (~> 1.5)
      rake (~> 10)
      semver2 (~> 3.4)
    map (6.6.0)
    nokogiri (1.11.4-x64-mingw32)
      racc (~> 1.4)
    nokogiri (1.11.4-x86_64-linux)
      racc (~> 1.4)
    racc (1.5.2)
    rake (10.5.0)
    semver2 (3.4.2)

PLATFORMS
  x64-mingw32
  x86_64-linux

DEPENDENCIES
  albacore (~> 2)

BUNDLED WITH
   2.2.9
