GEM
  remote: https://rubygems.org/
  specs:
    albacore (2.8.0)
      map (~> 6.5)
      nokogiri (~> 1.5)
      rake (~> 10)
      semver2 (~> 3.4)
    map (6.6.0)
    mini_portile2 (2.4.0)
    nokogiri (1.10.10-x64-mingw32)
      mini_portile2 (~> 2.4.0)
    rake (10.5.0)
    semver2 (3.4.2)

PLATFORMS
  x64-mingw32

DEPENDENCIES
  albacore (~> 2)

BUNDLED WITH
   2.2.9
